GEM
  remote: https://rubygems.org/
  specs:
    fakefs (0.11.0)

PLATFORMS
  ruby

DEPENDENCIES
  fakefs

BUNDLED WITH
   1.14.6
